GEM
  remote: https://rubygems.org/
  specs:
    sqlite3 (1.4.2)

PLATFORMS
  x64-mingw32

DEPENDENCIES
  sqlite3

BUNDLED WITH
   2.1.4
